GEM
  remote: https://rubygems.org/
  specs:
    coderay (1.1.3)
    colorize (0.8.1)
    method_source (1.0.0)
    nokogiri (1.12.5-x86_64-darwin)
      racc (~> 1.4)
    pry (0.14.1)
      coderay (~> 1.1)
      method_source (~> 1.0)
    racc (1.5.2)

PLATFORMS
  x86_64-darwin-19

DEPENDENCIES
  colorize
  nokogiri
  pry

RUBY VERSION
   ruby 2.6.1p33

BUNDLED WITH
   2.2.25
