PATH
  remote: .
  specs:
    colorize (0.8.1)

GEM
  remote: https://rubygems.org/
  specs:
    codeclimate-test-reporter (0.6.0)
      simplecov (>= 0.7.1, < 1.0.0)
    coderay (1.1.3)
    docile (1.3.2)
    json (1.8.6)
    method_source (1.0.0)
    mini_portile2 (2.4.0)
    minitest (5.14.2)
    nokogiri (1.10.10)
      mini_portile2 (~> 2.4.0)
    pry (0.13.1)
      coderay (~> 1.1)
      method_source (~> 1.0)
    rake (10.5.0)
    simplecov (0.19.0)
      docile (~> 1.1)
      simplecov-html (~> 0.11)
    simplecov-html (0.12.3)

PLATFORMS
  ruby

DEPENDENCIES
  codeclimate-test-reporter (~> 0.4)
  colorize!
  json (~> 1.0)
  minitest (~> 5.0)
  nokogiri
  pry
  rake (~> 10.0)

BUNDLED WITH
   2.1.4
